PATH
  remote: .
  specs:
    auto-correct (1.1.0)
      rb_sys1 (~> 0.1, >= 0.1.3)

GEM
  remote: https://rubygems.org/
  specs:
    activesupport (7.0.2.3)
      concurrent-ruby (~> 1.0, >= 1.0.2)
      i18n (>= 1.6, < 2)
      minitest (>= 5.1)
      tzinfo (~> 2.0)
    benchmark-ips (2.8.2)
    concurrent-ruby (1.1.10)
    i18n (1.10.0)
      concurrent-ruby (~> 1.0)
    minitest (5.15.0)
    rake (13.0.6)
    rake-compiler (1.2.0)
      rake
    rb_sys1 (0.1.3)
    tzinfo (2.0.4)
      concurrent-ruby (~> 1.0)

PLATFORMS
  ruby
  x86_64-darwin-20

DEPENDENCIES
  activesupport
  auto-correct!
  benchmark-ips
  minitest
  rake
  rake-compiler

BUNDLED WITH
   2.2.4
